GIT
  remote: git://github.com/adtekio/utilities.git
  revision: e332802edaf0462840d003d0d4d333a7c2f4b3f8
  specs:
    adtekio_utilities (0.0.1)

GEM
  remote: http://rubygems.org/
  specs:
    activesupport (5.1.2)
      concurrent-ruby (~> 1.0, >= 1.0.2)
      i18n (~> 0.7)
      minitest (~> 5.1)
      tzinfo (~> 1.1)
    addressable (2.5.1)
      public_suffix (~> 2.0, >= 2.0.2)
    adtekio_adnetworks (0.0.5)
      activesupport (>= 4)
      addressable (~> 2.4)
      curb (~> 0.9)
      erubis (~> 2.7)
      google-adwords-api (~> 0.18)
      google-api-client (~> 0.8)
      mechanize (~> 2.7)
      net-http-persistent (~> 2.9)
      oauth2 (~> 1.1)
      rest-client (>= 1.8)
      uuidtools (~> 2.1)
    aggregate (0.2.2)
    akami (1.3.1)
      gyoku (>= 0.4.0)
      nokogiri
    backports (3.8.0)
    builder (3.2.3)
    coderay (1.1.1)
    concurrent-ruby (1.0.5)
    connection_pool (2.2.1)
    curb (0.9.3)
    declarative (0.0.9)
    declarative-option (0.1.0)
    domain_name (0.5.20170404)
      unf (>= 0.0.5, < 1.0.0)
    dotenv (2.2.1)
    erubis (2.7.0)
    et-orbi (1.0.5)
      tzinfo
    eventmachine (1.2.3)
    fakeweb (1.3.0)
    faraday (0.12.2)
      multipart-post (>= 1.2, < 3)
    faye-websocket (0.10.7)
      eventmachine (>= 0.12.0)
      websocket-driver (>= 0.5.1)
    ffi (1.9.18)
    foreman (0.84.0)
      thor (~> 0.19.1)
    geokit (1.11.0)
    google-ads-common (0.14.1)
      google-ads-savon (~> 1.0.2)
      httpclient (~> 2.7)
      httpi (~> 2.3)
      signet (~> 0.7.0)
    google-ads-savon (1.0.2)
      akami (~> 1.2)
      builder (~> 3.2)
      gyoku (~> 1.2)
      httpi (~> 2.3)
      nokogiri (~> 1.6)
      nori (~> 2.6)
      wasabi (~> 3.4)
    google-adwords-api (0.25.0)
      google-ads-common (~> 0.14.1)
      nori (~> 2.6)
    google-api-client (0.13.1)
      addressable (~> 2.5, >= 2.5.1)
      googleauth (~> 0.5)
      httpclient (>= 2.8.1, < 3.0)
      mime-types (~> 3.0)
      representable (~> 3.0)
      retriable (>= 2.0, < 4.0)
    googleauth (0.5.3)
      faraday (~> 0.12)
      jwt (~> 1.4)
      logging (~> 2.0)
      memoist (~> 0.12)
      multi_json (~> 1.11)
      os (~> 0.9)
      signet (~> 0.7)
    gssapi (1.2.0)
      ffi (>= 1.0.1)
    gyoku (1.3.1)
      builder (>= 2.1.2)
    haml (5.0.1)
      temple (>= 0.8.0)
      tilt
    hetchy (1.0.0)
    hiredis (0.6.1)
    http-cookie (1.0.3)
      domain_name (~> 0.5)
    httpclient (2.8.3)
    httpi (2.4.2)
      rack
      socksify
    i18n (0.8.6)
    jasmine (2.6.0)
      jasmine-core (>= 2.6.0, < 3.0.0)
      phantomjs
      rack (>= 1.2.1)
      rake
    jasmine-core (2.6.4)
    jwt (1.5.6)
    kgio (2.11.1)
    librato-metrics (2.1.2)
      aggregate (~> 0.2.2)
      faraday
    librato-rack (2.0.3)
      hetchy (~> 1.0)
      librato-metrics (~> 2.1.0)
    listen (3.1.5)
      rb-fsevent (~> 0.9, >= 0.9.4)
      rb-inotify (~> 0.9, >= 0.9.7)
      ruby_dep (~> 1.2)
    little-plugger (1.1.4)
    logging (2.2.2)
      little-plugger (~> 1.1)
      multi_json (~> 1.10)
    mechanize (2.7.5)
      domain_name (~> 0.5, >= 0.5.1)
      http-cookie (~> 1.0)
      mime-types (>= 1.17.2)
      net-http-digest_auth (~> 1.1, >= 1.1.1)
      net-http-persistent (~> 2.5, >= 2.5.2)
      nokogiri (~> 1.6)
      ntlm-http (~> 0.1, >= 0.1.1)
      webrobots (>= 0.0.9, < 0.2)
    memoist (0.16.0)
    method_source (0.8.2)
    mime-types (3.1)
      mime-types-data (~> 3.2015)
    mime-types-data (3.2016.0521)
    mini_portile2 (2.2.0)
    minitest (5.10.3)
    multi_json (1.12.1)
    multi_xml (0.6.0)
    multipart-post (2.0.0)
    mustermann (1.0.0)
    net-http-digest_auth (1.4.1)
    net-http-persistent (2.9.4)
    netrc (0.11.0)
    nokogiri (1.8.0)
      mini_portile2 (~> 2.2.0)
    nori (2.6.0)
    ntlm-http (0.1.1)
    oauth2 (1.4.0)
      faraday (>= 0.8, < 0.13)
      jwt (~> 1.0)
      multi_json (~> 1.3)
      multi_xml (~> 0.5)
      rack (>= 1.2, < 3)
    oj (3.3.2)
    oj_mimic_json (1.0.1)
    os (0.9.6)
    phantomjs (2.1.1.0)
    pry (0.10.4)
      coderay (~> 1.1.0)
      method_source (~> 0.8.1)
      slop (~> 3.4)
    public_suffix (2.0.5)
    rack (2.0.3)
    rack-protection (2.0.0)
      rack
    rack-test (0.7.0)
      rack (>= 1.0, < 3)
    raindrops (0.19.0)
    rake (10.5.0)
    rb-fsevent (0.10.2)
    rb-inotify (0.9.10)
      ffi (>= 0.5.0, < 2)
    redis (3.3.3)
    representable (3.0.4)
      declarative (< 0.1.0)
      declarative-option (< 0.2.0)
      uber (< 0.2.0)
    rerun (0.11.0)
      listen (~> 3.0)
    rest-client (2.0.2)
      http-cookie (>= 1.0.2, < 2.0)
      mime-types (>= 1.16, < 4.0)
      netrc (~> 0.8)
    retriable (3.0.2)
    rr (1.0.4)
    ruby-kafka (0.4.0)
      gssapi (>= 1.2.0)
    ruby_dep (1.5.0)
    rufus-scheduler (3.4.2)
      et-orbi (~> 1.0)
    shoulda (3.5.0)
      shoulda-context (~> 1.0, >= 1.0.1)
      shoulda-matchers (>= 1.4.1, < 3.0)
    shoulda-context (1.2.2)
    shoulda-matchers (2.8.0)
      activesupport (>= 3.0.0)
    sidekiq (5.0.4)
      concurrent-ruby (~> 1.0)
      connection_pool (~> 2.2, >= 2.2.0)
      rack-protection (>= 1.5.0)
      redis (~> 3.3, >= 3.3.3)
    sidekiq-cron (0.6.3)
      rufus-scheduler (>= 3.3.0)
      sidekiq (>= 4.2.1)
    signet (0.7.3)
      addressable (~> 2.3)
      faraday (~> 0.9)
      jwt (~> 1.5)
      multi_json (~> 1.10)
    sinatra (2.0.0)
      mustermann (~> 1.0)
      rack (~> 2.0)
      rack-protection (= 2.0.0)
      tilt (~> 2.0)
    sinatra-contrib (2.0.0)
      backports (>= 2.0)
      multi_json
      mustermann (~> 1.0)
      rack-protection (= 2.0.0)
      sinatra (= 2.0.0)
      tilt (>= 1.3, < 3)
    slop (3.6.0)
    socksify (1.7.1)
    temple (0.8.0)
    thor (0.19.4)
    thread_safe (0.3.6)
    tilt (2.0.8)
    tzinfo (1.2.3)
      thread_safe (~> 0.1)
    uber (0.1.0)
    unf (0.1.4)
      unf_ext
    unf_ext (0.0.7.4)
    unicorn (5.4.0)
      kgio (~> 2.6)
      raindrops (~> 0.7)
    uuidtools (2.1.5)
    wasabi (3.5.0)
      httpi (~> 2.0)
      nokogiri (>= 1.4.2)
    webrobots (0.1.2)
    websocket-driver (0.6.5)
      websocket-extensions (>= 0.1.0)
    websocket-extensions (0.1.2)
    zk (1.9.6)
      zookeeper (~> 1.4.0)
    zookeeper (1.4.11)

PLATFORMS
  ruby

DEPENDENCIES
  addressable
  adtekio_adnetworks
  adtekio_utilities!
  dotenv
  erubis
  fakeweb
  faye-websocket
  foreman
  geokit
  haml
  hiredis
  jasmine
  librato-metrics
  librato-rack
  mechanize
  minitest
  net-http-persistent
  oj
  oj_mimic_json
  pry
  rack-test
  rake
  redis
  rerun
  rest-client
  rr (= 1.0.4)
  ruby-kafka
  shoulda
  sidekiq
  sidekiq-cron
  sinatra
  sinatra-contrib
  unicorn
  uuidtools
  zk

RUBY VERSION
   ruby 2.4.3p205

BUNDLED WITH
   1.16.1
