GEM
  remote: http://rubygems.org/
  specs:
    coderay (1.1.2)
    dotenv (2.2.1)
    method_source (0.9.0)
    pry (0.11.3)
      coderay (~> 1.1.0)
      method_source (~> 0.9.0)
    rake (12.3.0)

PLATFORMS
  ruby

DEPENDENCIES
  dotenv
  pry
  rake

RUBY VERSION
   ruby 2.4.3p205

BUNDLED WITH
   1.16.1
