GEM
  remote: http://rubygems.org/
  specs:
    rake (12.3.0)

PLATFORMS
  ruby

DEPENDENCIES
  rake

RUBY VERSION
   ruby 2.4.2p198

BUNDLED WITH
   1.16.0
